GEM
  remote: https://rubygems.org/
  specs:
    rake (10.1.1)
    sass (3.3.4)

PLATFORMS
  ruby

DEPENDENCIES
  bundler (~> 1.5)
  rake (~> 10.1)
  sass (~> 3.3.4)
